GEM
  remote: https://rubygems.org/
  specs:
    puma (3.9.1)
    rack (1.6.8)

PLATFORMS
  ruby

DEPENDENCIES
  puma
  rack

BUNDLED WITH
   1.15.3
